PATH
  remote: .
  specs:
    boring_avatar (1.2.0)

GEM
  remote: https://rubygems.org/
  specs:
    minitest (5.14.4)
    rake (12.3.3)

PLATFORMS
  arm64-darwin-21
  arm64-darwin-23
  x86_64-darwin-19
  x86_64-darwin-20
  x86_64-linux

DEPENDENCIES
  boring_avatar!
  minitest (~> 5.0)
  rake (~> 12.0)

BUNDLED WITH
   2.3.25
